NUGET
  remote: http://api.nuget.org/v3/index.json
    FAKE (4.37.2)
